GEM
  remote: http://rubygems.org/
  specs:
    activesupport (3.1.1)
      multi_json (~> 1.0)
    builder (3.0.0)
    fakeweb (1.3.0)
    git (1.2.5)
    httparty (0.8.1)
      multi_json
      multi_xml
    i18n (0.6.0)
    jeweler (1.6.4)
      bundler (~> 1.0)
      git (>= 1.2.5)
      rake
    metaclass (0.0.1)
    mocha (0.10.0)
      metaclass (~> 0.0.1)
    multi_json (1.0.3)
    multi_xml (0.4.1)
    rake (0.9.2)
    rcov (0.9.11)

PLATFORMS
  ruby

DEPENDENCIES
  activesupport
  builder
  bundler (~> 1.0.0)
  fakeweb
  httparty
  i18n
  jeweler (~> 1.6.4)
  mocha
  rcov
