GEM
  remote: http://rubygems.org/
  specs:
    activesupport (3.1.1)
      multi_json (~> 1.0)
    addressable (2.4.0)
    builder (3.0.0)
    coderay (1.1.3)
    descendants_tracker (0.0.4)
      thread_safe (~> 0.3, >= 0.3.1)
    fakeweb (1.3.0)
    faraday (0.9.2)
      multipart-post (>= 1.2, < 3)
    git (1.7.0)
      rchardet (~> 1.8)
    github_api (0.14.2)
      addressable (~> 2.4.0)
      descendants_tracker (~> 0.0.4)
      faraday (~> 0.8, < 0.10)
      hashie (>= 3.4)
      oauth2
    hashie (4.1.0)
    highline (2.0.3)
    httparty (0.8.1)
      multi_json
      multi_xml
    httpauth (0.2.1)
    i18n (0.6.8)
    jeweler (2.0.1)
      builder
      bundler (>= 1.0)
      git (>= 1.2.5)
      github_api
      highline (>= 1.6.15)
      nokogiri (>= 1.5.10)
      rake
      rdoc
    jwt (0.1.6)
      multi_json (>= 1.0)
    metaclass (0.0.1)
    method_source (1.0.0)
    mini_portile2 (2.4.0)
    mocha (0.10.0)
      metaclass (~> 0.0.1)
    multi_json (1.0.3)
    multi_xml (0.4.1)
    multipart-post (2.1.1)
    nokogiri (1.10.9)
      mini_portile2 (~> 2.4.0)
    oauth2 (0.8.1)
      faraday (~> 0.8)
      httpauth (~> 0.1)
      jwt (~> 0.1.4)
      multi_json (~> 1.0)
      rack (~> 1.2)
    power_assert (1.2.0)
    pry (0.13.1)
      coderay (~> 1.1)
      method_source (~> 1.0)
    rack (1.6.13)
    rake (13.0.1)
    rchardet (1.8.0)
    rdoc (6.2.0)
    test-unit (3.3.5)
      power_assert
    thread_safe (0.3.6)

PLATFORMS
  ruby

DEPENDENCIES
  activesupport
  builder
  bundler (~> 1.17)
  fakeweb
  httparty
  i18n
  jeweler (~> 2.0.0)
  mocha
  oauth2
  pry
  test-unit

BUNDLED WITH
   1.17.3
